GEM
  remote: https://rubygems.org/
  specs:
    aws-eventstream (1.1.0)
    aws-partitions (1.338.0)
    aws-record (2.4.1)
      aws-sdk-dynamodb (~> 1.18)
    aws-sdk-core (3.103.0)
      aws-eventstream (~> 1, >= 1.0.2)
      aws-partitions (~> 1, >= 1.239.0)
      aws-sigv4 (~> 1.1)
      jmespath (~> 1.0)
    aws-sdk-dynamodb (1.51.0)
      aws-sdk-core (~> 3, >= 3.99.0)
      aws-sigv4 (~> 1.1)
    aws-sigv4 (1.2.1)
      aws-eventstream (~> 1, >= 1.0.2)
    google_maps_service (0.4.2)
      hurley (~> 0.1)
      multi_json (~> 1.11)
      retriable (~> 2.0)
    hurley (0.2)
    jmespath (1.4.0)
    multi_json (1.14.1)
    rakuten_web_service (1.12.0)
    retriable (2.1.0)

PLATFORMS
  ruby

DEPENDENCIES
  aws-record (~> 2.0)
  google_maps_service
  rakuten_web_service

BUNDLED WITH
   1.17.2
